PATH
  remote: .
  specs:
    nubank (0.2.0)
      cpf_cnpj (~> 0.5.0)
      curb (~> 1.0)
      ed25519 (~> 1.3)

GEM
  remote: https://rubygems.org/
  specs:
    addressable (2.8.1)
      public_suffix (>= 2.0.2, < 6.0)
    awesome_print (1.9.2)
    coderay (1.1.3)
    concurrent-ruby (1.1.10)
    cpf_cnpj (0.5.0)
    crack (0.4.5)
      rexml
    curb (1.0.5)
    diff-lcs (1.5.0)
    docile (1.4.0)
    dotenv (2.8.1)
    ed25519 (1.3.0)
    faker (3.0.0)
      i18n (>= 1.8.11, < 2)
    hashdiff (1.0.1)
    i18n (1.12.0)
      concurrent-ruby (~> 1.0)
    method_source (1.0.0)
    pry (0.14.1)
      coderay (~> 1.1)
      method_source (~> 1.0)
    public_suffix (5.0.0)
    rexml (3.2.5)
    rspec (3.12.0)
      rspec-core (~> 3.12.0)
      rspec-expectations (~> 3.12.0)
      rspec-mocks (~> 3.12.0)
    rspec-core (3.12.0)
      rspec-support (~> 3.12.0)
    rspec-expectations (3.12.0)
      diff-lcs (>= 1.2.0, < 2.0)
      rspec-support (~> 3.12.0)
    rspec-mocks (3.12.0)
      diff-lcs (>= 1.2.0, < 2.0)
      rspec-support (~> 3.12.0)
    rspec-snapshot (2.0.1)
      awesome_print (> 1.0.0)
      rspec (> 3.0.0)
    rspec-support (3.12.0)
    simplecov (0.21.2)
      docile (~> 1.1)
      simplecov-html (~> 0.11)
      simplecov_json_formatter (~> 0.1)
    simplecov-html (0.12.3)
    simplecov_json_formatter (0.1.4)
    vcr (6.1.0)
    webmock (3.18.1)
      addressable (>= 2.8.0)
      crack (>= 0.3.2)
      hashdiff (>= 0.4.0, < 2.0.0)

PLATFORMS
  x86_64-linux

DEPENDENCIES
  dotenv (~> 2.8)
  faker (~> 3.0)
  nubank!
  pry (~> 0.14.1)
  rspec (~> 3.12)
  rspec-snapshot (~> 2.0)
  simplecov (~> 0.21.2)
  vcr (~> 6.1)
  webmock (~> 3.18)

BUNDLED WITH
   2.3.21
